GEM
  remote: https://rubygems.org/
  specs:
    activemodel (5.0.2)
      activesupport (= 5.0.2)
    activerecord (5.0.2)
      activemodel (= 5.0.2)
      activesupport (= 5.0.2)
      arel (~> 7.0)
    activesupport (5.0.2)
      concurrent-ruby (~> 1.0, >= 1.0.2)
      i18n (~> 0.7)
      minitest (~> 5.1)
      tzinfo (~> 1.1)
    arel (7.1.4)
    backports (3.6.8)
    builder (3.2.3)
    concurrent-ruby (1.0.5)
    dotenv (2.0.1)
    dotenv-rails (2.0.1)
      dotenv (= 2.0.1)
    haml (4.0.7)
      tilt
    i18n (0.8.1)
    json (2.0.3)
    jwt (1.5.6)
    minitest (5.10.1)
    multi_json (1.12.1)
    pg (0.20.0)
    pg (0.20.0-x64-mingw32)
    rack (1.6.5)
    rack-protection (1.5.3)
      rack
    rack-test (0.6.3)
      rack (>= 1.0)
    rake (12.0.0)
    shotgun (0.9.2)
      rack (>= 1.0)
    sinatra (1.4.8)
      rack (~> 1.5)
      rack-protection (~> 1.4)
      tilt (>= 1.3, < 3)
    sinatra-activerecord (2.0.12)
      activerecord (>= 3.2)
      sinatra (>= 1.0)
    sinatra-contrib (1.4.7)
      backports (>= 2.0)
      multi_json
      rack-protection
      rack-test
      sinatra (~> 1.4.0)
      tilt (>= 1.3, < 3)
    sqlite3 (1.3.13)
    sqlite3 (1.3.13-x64-mingw32)
    thread_safe (0.3.6)
    tilt (2.0.7)
    twilio-ruby (4.13.0)
      builder (>= 2.1.2)
      jwt (~> 1.0)
      multi_json (>= 1.3.0)
    tzinfo (1.2.2)
      thread_safe (~> 0.1)

PLATFORMS
  ruby
  x64-mingw32

DEPENDENCIES
  activerecord
  activesupport
  builder
  bundler
  dotenv
  dotenv-rails
  haml
  json
  pg
  rake
  shotgun
  sinatra
  sinatra-activerecord
  sinatra-contrib
  sqlite3
  twilio-ruby

BUNDLED WITH
   1.14.6
